GIT
  remote: git://github.com/alexch/rerun.git
  revision: db85618e5677314e854850918e1d722284328141
  specs:
    rerun (0.10.0)
      listen (~> 2.7, >= 2.7.3)

GIT
  remote: git://github.com/lotus/lotus.git
  revision: 38d9818582812ce8022b422e92aba53672555182
  specs:
    lotusrb (0.1.0)
      lotus-controller (~> 0.2)
      lotus-router (~> 0.1, >= 0.1.1)
      lotus-utils (~> 0.2)
      lotus-view (~> 0.2)
      thor (= 0.19.1)

GIT
  remote: git://github.com/lotus/model.git
  revision: 0b0e7ff3d2e60ef1126160cd4e4c783bef7b1731
  specs:
    lotus-model (0.1.2)
      lotus-utils (~> 0.2)
      sequel (~> 4.9)

GEM
  remote: https://rubygems.org/
  specs:
    activemodel (4.1.5)
      activesupport (= 4.1.5)
      builder (~> 3.1)
    activesupport (4.1.5)
      i18n (~> 0.6, >= 0.6.9)
      json (~> 1.7, >= 1.7.7)
      minitest (~> 5.1)
      thread_safe (~> 0.1)
      tzinfo (~> 1.1)
    axiom-types (0.1.1)
      descendants_tracker (~> 0.0.4)
      ice_nine (~> 0.11.0)
      thread_safe (~> 0.3, >= 0.3.1)
    builder (3.2.2)
    capybara (2.4.1)
      mime-types (>= 1.16)
      nokogiri (>= 1.3.3)
      rack (>= 1.0.0)
      rack-test (>= 0.5.4)
      xpath (~> 2.0)
    celluloid (0.16.0)
      timers (~> 4.0.0)
    chronic (0.10.2)
    coderay (1.1.0)
    coercible (1.0.0)
      descendants_tracker (~> 0.0.1)
    descendants_tracker (0.0.4)
      thread_safe (~> 0.3, >= 0.3.1)
    diff-lcs (1.2.5)
    disposable (0.0.6)
      representable (~> 2.0.3)
      uber
    dotenv (0.11.1)
      dotenv-deployment (~> 0.0.2)
    dotenv-deployment (0.0.2)
    equalizer (0.0.9)
    faker (1.4.3)
      i18n (~> 0.5)
    ffi (1.9.3)
    hitimes (1.2.2)
    http_router (0.11.1)
      rack (>= 1.0.0)
      url_mount (~> 0.2.1)
    i18n (0.6.11)
    ice_nine (0.11.0)
    json (1.8.1)
    listen (2.7.9)
      celluloid (>= 0.15.2)
      rb-fsevent (>= 0.9.3)
      rb-inotify (>= 0.9)
    lotus-controller (0.2.0)
      lotus-utils (~> 0.2)
      rack (~> 1.5)
    lotus-router (0.1.1)
      http_router (~> 0)
      lotus-utils (~> 0)
    lotus-utils (0.2.0)
    lotus-view (0.2.0)
      lotus-utils (~> 0.2)
      tilt (~> 2.0, >= 2.0.1)
    method_source (0.8.2)
    mime-types (2.3)
    mini_portile (0.6.0)
    minitest (5.4.1)
    multi_json (1.10.1)
    nokogiri (1.6.3.1)
      mini_portile (= 0.6.0)
    pry (0.10.1)
      coderay (~> 1.1.0)
      method_source (~> 0.8.1)
      slop (~> 3.4)
    rack (1.5.2)
    rack-test (0.6.2)
      rack (>= 1.0)
    rake (10.3.2)
    rb-fsevent (0.9.4)
    rb-inotify (0.9.5)
      ffi (>= 0.5.0)
    reform (1.1.1)
      activemodel
      disposable (~> 0.0.5)
      representable (~> 2.0.3)
      uber (~> 0.0.8)
    representable (2.0.4)
      multi_json
      nokogiri
      uber (~> 0.0.7)
    rspec (3.1.0)
      rspec-core (~> 3.1.0)
      rspec-expectations (~> 3.1.0)
      rspec-mocks (~> 3.1.0)
    rspec-core (3.1.2)
      rspec-support (~> 3.1.0)
    rspec-expectations (3.1.0)
      diff-lcs (>= 1.2.0, < 2.0)
      rspec-support (~> 3.1.0)
    rspec-mocks (3.1.0)
      rspec-support (~> 3.1.0)
    rspec-support (3.1.0)
    sequel (4.14.0)
    slim (2.0.3)
      temple (~> 0.6.6)
      tilt (>= 1.3.3, < 2.1)
    slop (3.6.0)
    sqlite3 (1.3.9)
    temple (0.6.8)
    thor (0.19.1)
    thread_safe (0.3.4)
    tilt (2.0.1)
    timecop (0.7.1)
    timers (4.0.0)
      hitimes
    tzinfo (1.2.2)
      thread_safe (~> 0.1)
    uber (0.0.8)
    url_mount (0.2.1)
      rack
    virtus (1.0.3)
      axiom-types (~> 0.1)
      coercible (~> 1.0)
      descendants_tracker (~> 0.0, >= 0.0.3)
      equalizer (~> 0.0, >= 0.0.9)
    xpath (2.0.0)
      nokogiri (~> 1.3)

PLATFORMS
  ruby

DEPENDENCIES
  activesupport
  capybara
  chronic
  dotenv
  dotenv-deployment
  faker
  lotus-model!
  lotusrb!
  pry
  rake
  reform
  rerun!
  rspec
  slim
  sqlite3
  timecop
  virtus
